GEM
  remote: http://rubygems.org/
  specs:
    activemodel (3.2.2)
      activesupport (= 3.2.2)
      builder (~> 3.0.0)
    activerecord (3.2.2)
      activemodel (= 3.2.2)
      activesupport (= 3.2.2)
      arel (~> 3.0.2)
      tzinfo (~> 0.3.29)
    activesupport (3.2.2)
      i18n (~> 0.6)
      multi_json (~> 1.0)
    addressable (2.3.2)
    arel (3.0.2)
    builder (3.0.3)
    cookiejar (0.3.0)
    daemons (1.1.9)
    em-http-request (1.0.3)
      addressable (>= 2.2.3)
      cookiejar
      em-socksify
      eventmachine (>= 1.0.0.beta.4)
      http_parser.rb (>= 0.5.3)
    em-socksify (0.2.1)
      eventmachine (>= 1.0.0.beta.4)
    em-twitter (0.2.1)
      eventmachine (~> 1.0)
      http_parser.rb (~> 0.5)
      simple_oauth (~> 0.1)
    eventmachine (1.0.0)
    faraday (0.8.4)
      multipart-post (~> 1.1)
    http_parser.rb (0.5.3)
    i18n (0.6.1)
    multi_json (1.3.6)
    multipart-post (1.1.5)
    pg (0.13.2)
    rack (1.4.1)
    rack-protection (1.2.0)
      rack
    simple_oauth (0.1.9)
    sinatra (1.3.3)
      rack (~> 1.3, >= 1.3.6)
      rack-protection (~> 1.2)
      tilt (~> 1.3, >= 1.3.3)
    tilt (1.3.3)
    tweetstream (2.3.0)
      daemons (~> 1.1)
      em-http-request (~> 1.0.2)
      em-twitter (~> 0.2)
      multi_json (~> 1.3)
      twitter (~> 4.0)
    twitter (4.1.2)
      faraday (~> 0.8)
      multi_json (~> 1.3)
      simple_oauth (~> 0.1.6)
    tzinfo (0.3.33)

PLATFORMS
  ruby

DEPENDENCIES
  activerecord
  pg
  sinatra
  tweetstream
  twitter
